GEM
  remote: https://rubygems.org/
  specs:
    arduino-lights (0.0.1)
      serialport (= 1.3.1)
    daemons (1.2.4)
    eventmachine (1.2.7)
    faye-websocket (0.11.0)
      eventmachine (>= 0.12.0)
      websocket-driver (>= 0.5.1)
    rack (2.1.4.3)
    serialport (1.3.1)
    thin (1.7.0)
      daemons (~> 1.0, >= 1.0.9)
      eventmachine (~> 1.0, >= 1.0.4)
      rack (>= 1, < 3)
    websocket-driver (0.7.3)
      websocket-extensions (>= 0.1.0)
    websocket-extensions (0.1.5)

PLATFORMS
  ruby

DEPENDENCIES
  arduino-lights
  faye-websocket
  rack
  thin

RUBY VERSION
   ruby 2.4.1p111

BUNDLED WITH
   1.14.6
